GIT
  remote: https://github.com/benburkert/rack-singleshot
  revision: 4212d460e3295b0b39bdabeec502016b5977268e
  specs:
    rack-singleshot (0.2.1)
      http_parser.rb
      rack

GIT
  remote: https://github.com/tka/serve_ext
  revision: 0f5cc9d376a6ee89bd2f78f016cf2d46c3ab56d3
  specs:
    serve_ext (0.0.0)

GEM
  remote: https://rubygems.org/
  specs:
    activesupport (3.2.22)
      i18n (~> 0.6, >= 0.6.4)
      multi_json (~> 1.0)
    chunky_png (1.3.5)
    compass (1.0.3)
      chunky_png (~> 1.2)
      compass-core (~> 1.0.2)
      compass-import-once (~> 1.0.5)
      rb-fsevent (>= 0.9.3)
      rb-inotify (>= 0.9)
      sass (>= 3.3.13, < 3.5)
    compass-core (1.0.3)
      multi_json (~> 1.0)
      sass (>= 3.3.0, < 3.5)
    compass-import-once (1.0.5)
      sass (>= 3.2, < 3.5)
    ffi (1.9.10)
    haml (4.0.7)
      tilt
    http_parser.rb (0.6.0)
    i18n (0.7.0)
    kramdown (1.9.0)
    multi_json (1.11.2)
    rack (1.5.5)
    rack-test (0.6.3)
      rack (>= 1.0)
    rb-fsevent (0.9.6)
    rb-inotify (0.9.5)
      ffi (>= 0.5.0)
    sass (3.4.19)
    serve (1.5.2)
      activesupport (~> 3.2.12)
      i18n
      rack (~> 1.5.2)
      rack-test (~> 0.6.2)
      tilt (~> 1.3.3)
      tzinfo
    slim (3.0.6)
      temple (~> 0.7.3)
      tilt (>= 1.3.3, < 2.1)
    temple (0.7.6)
    thread_safe (0.3.5)
    tilt (1.3.7)
    tzinfo (1.2.2)
      thread_safe (~> 0.1)

PLATFORMS
  ruby

DEPENDENCIES
  compass
  haml
  kramdown
  rack-singleshot!
  sass
  serve
  serve_ext!
  slim

BUNDLED WITH
   1.10.5
